GEM
  remote: https://rubygems.org/
  specs:
    beaker (4.26.0)
      beaker-hostgenerator
      hocon (~> 1.0)
      in-parallel (~> 0.1)
      inifile (~> 3.0)
      minitar (~> 0.6)
      minitest (~> 5.4)
      net-scp (~> 1.2)
      net-ssh (>= 5.0)
      open_uri_redirections (~> 0.2.1)
      pry-byebug (~> 3.6)
      rb-readline (~> 0.5.3)
      rsync (~> 1.0.9)
      stringify-hash (~> 0.0)
      thor (>= 1.0.1, < 2.0)
    beaker-hostgenerator (1.16.0)
      deep_merge (~> 1.0)
    byebug (11.1.3)
    coderay (1.1.3)
    colored2 (3.1.2)
    colorize (0.8.1)
    columnize (0.9.0)
    concurrent-ruby (1.1.10)
    cri (2.15.11)
    debugger (1.6.8)
      columnize (>= 0.3.1)
      debugger-linecache (~> 1.2.0)
      debugger-ruby_core_source (~> 1.3.5)
    debugger-linecache (1.2.0)
    debugger-pry (0.1.1)
      debugger (~> 1)
      pry (>= 0.9.9)
    debugger-ruby_core_source (1.3.8)
    deep_merge (1.2.2)
    diff-lcs (1.5.0)
    erubi (1.10.0)
    facter (4.2.10)
      hocon (~> 1.3)
      thor (>= 1.0.1, < 2.0)
    faraday (1.10.0)
      faraday-em_http (~> 1.0)
      faraday-em_synchrony (~> 1.0)
      faraday-excon (~> 1.1)
      faraday-httpclient (~> 1.0)
      faraday-multipart (~> 1.0)
      faraday-net_http (~> 1.0)
      faraday-net_http_persistent (~> 1.0)
      faraday-patron (~> 1.0)
      faraday-rack (~> 1.0)
      faraday-retry (~> 1.0)
      ruby2_keywords (>= 0.0.4)
    faraday-em_http (1.0.0)
    faraday-em_synchrony (1.0.0)
    faraday-excon (1.1.0)
    faraday-httpclient (1.0.1)
    faraday-multipart (1.0.4)
      multipart-post (~> 2)
    faraday-net_http (1.0.1)
    faraday-net_http_persistent (1.2.0)
    faraday-patron (1.0.0)
    faraday-rack (1.0.0)
    faraday-retry (1.0.3)
    faraday_middleware (1.2.0)
      faraday (~> 1.0)
    fast_gettext (1.1.2)
    forwardable (1.3.2)
    generate-puppetfile (1.1.0)
      colorize
    gettext (3.4.3)
      erubi
      locale (>= 2.0.5)
      prime
      text (>= 1.3.0)
    gettext-setup (0.31)
      fast_gettext (~> 1.1.0)
      gettext (>= 3.0.2)
      locale
    hiera (3.9.0)
    hiera-eyaml (3.3.0)
      highline
      optimist
    highline (2.0.3)
    hocon (1.3.1)
    httpclient (2.8.3)
    in-parallel (0.1.17)
    inifile (3.0.0)
    jwt (2.2.3)
    locale (2.1.3)
    log4r (1.1.10)
    method_source (1.0.0)
    minitar (0.9)
    minitest (5.16.2)
    mocha (1.14.0)
    multi_json (1.15.0)
    multipart-post (2.2.3)
    net-scp (1.2.1)
      net-ssh (>= 2.6.5)
    net-ssh (7.0.1)
    net-telnet (0.1.1)
    open_uri_redirections (0.2.1)
    optimist (3.0.1)
    parallel (1.22.1)
    parallel_tests (3.11.1)
      parallel
    pathspec (1.0.0)
    prime (0.1.2)
      forwardable
      singleton
    pry (0.14.1)
      coderay (~> 1.1)
      method_source (~> 1.0)
    pry-byebug (3.8.0)
      byebug (~> 11.0)
      pry (~> 0.10)
    puppet (6.25.1)
      concurrent-ruby (~> 1.0)
      deep_merge (~> 1.0)
      facter (> 2.0.1, < 5)
      fast_gettext (~> 1.1)
      hiera (>= 3.2.1, < 4)
      httpclient (~> 2.8)
      locale (~> 2.1)
      multi_json (~> 1.10)
      puppet-resource_api (~> 1.5)
      semantic_puppet (~> 1.0)
    puppet-lint (2.5.2)
    puppet-resource_api (1.8.14)
      hocon (>= 1.0)
    puppet-syntax (3.2.1)
      puppet (>= 5)
      rake
    puppet_forge (3.2.0)
      faraday (~> 1.3)
      faraday_middleware (~> 1.0)
      minitar
      semantic_puppet (~> 1.0)
    puppetlabs_spec_helper (4.0.1)
      mocha (~> 1.0)
      pathspec (>= 0.2.1, < 1.1.0)
      puppet-lint (~> 2.0)
      puppet-syntax (>= 2.0, < 4)
      rspec-puppet (~> 2.0)
    r10k (3.15.0)
      colored2 (= 3.1.2)
      cri (>= 2.15.10)
      fast_gettext (>= 1.1.0, < 3.0.0)
      gettext (>= 3.0.2, < 4.0.0)
      gettext-setup (~> 0.24)
      jwt (~> 2.2.3)
      log4r (= 1.1.10)
      minitar (~> 0.9)
      multi_json (~> 1.10)
      puppet_forge (>= 2.3.0)
    rake (13.0.6)
    rb-readline (0.5.5)
    rspec (3.11.0)
      rspec-core (~> 3.11.0)
      rspec-expectations (~> 3.11.0)
      rspec-mocks (~> 3.11.0)
    rspec-core (3.11.0)
      rspec-support (~> 3.11.0)
    rspec-expectations (3.11.0)
      diff-lcs (>= 1.2.0, < 2.0)
      rspec-support (~> 3.11.0)
    rspec-its (1.3.0)
      rspec-core (>= 3.0.0)
      rspec-expectations (>= 3.0.0)
    rspec-mocks (3.11.1)
      diff-lcs (>= 1.2.0, < 2.0)
      rspec-support (~> 3.11.0)
    rspec-puppet (2.11.1)
      rspec
    rspec-support (3.11.0)
    rspec_junit_formatter (0.5.1)
      rspec-core (>= 2, < 4, != 2.12.0)
    rsync (1.0.9)
    ruby2_keywords (0.0.5)
    semantic_puppet (1.0.4)
    serverspec (2.42.0)
      multi_json
      rspec (~> 3.0)
      rspec-its
      specinfra (~> 2.72)
    sfl (2.3)
    singleton (0.1.1)
    specinfra (2.83.2)
      net-scp
      net-ssh (>= 2.7)
      net-telnet (= 0.1.1)
      sfl
    stringify-hash (0.0.2)
    text (1.3.1)
    thor (1.2.1)

PLATFORMS
  ruby

DEPENDENCIES
  beaker
  byebug
  debugger
  debugger-pry
  generate-puppetfile
  hiera-eyaml
  parallel_tests
  pry
  puppet (~> 6.25.1)
  puppet-lint
  puppetlabs_spec_helper
  r10k
  rake
  rspec-mocks
  rspec-puppet
  rspec_junit_formatter
  serverspec

BUNDLED WITH
   1.17.2
